GEM
  remote: https://rubygems.org/
  specs:
    bugsnag (6.13.0)
      concurrent-ruby (~> 1.0)
    concurrent-ruby (1.1.6)
    dotenv (2.7.5)
    ffi (1.12.2)
    foreman (0.87.0)
    hanami-router (1.3.2)
      hanami-utils (~> 1.3)
      http_router (= 0.11.2)
      rack (~> 2.0)
    hanami-utils (1.3.6)
      concurrent-ruby (~> 1.0)
      transproc (~> 1.0)
    http_router (0.11.2)
      rack (>= 1.0.0)
      url_mount (~> 0.2.1)
    listen (3.2.1)
      rb-fsevent (~> 0.10, >= 0.10.3)
      rb-inotify (~> 0.9, >= 0.9.10)
    nio4r (2.5.2)
    puma (4.3.5)
      nio4r (~> 2.0)
    rack (2.2.2)
    rack-ssl-enforcer (0.2.9)
    rb-fsevent (0.10.3)
    rb-inotify (0.10.1)
      ffi (~> 1.0)
    redis (4.1.3)
    rerun (0.13.0)
      listen (~> 3.0)
    terminal-notifier (2.0.0)
    transproc (1.1.1)
    url_mount (0.2.1)
      rack

PLATFORMS
  ruby

DEPENDENCIES
  bugsnag (~> 6.13)
  dotenv
  foreman
  hanami-router
  puma
  rack
  rack-ssl-enforcer
  redis
  rerun
  terminal-notifier

RUBY VERSION
   ruby 2.7.1p83

BUNDLED WITH
   2.1.4
