GEM
  remote: https://rubygems.org/
  specs:
    Ascii85 (1.0.3)
    afm (0.2.2)
    bugsnag (6.13.0)
      concurrent-ruby (~> 1.0)
    chronic_duration (0.10.6)
      numerizer (~> 0.1.1)
    concurrent-ruby (1.1.6)
    connection_pool (2.2.3)
    dotenv (2.7.5)
    faraday (1.0.1)
      multipart-post (>= 1.2, < 3)
    faraday-detailed_logger (2.3.0)
      faraday (>= 0.8, < 2)
    faraday-request-timer (0.2.0)
      faraday (>= 0.9.0)
    faraday_middleware (1.0.0)
      faraday (~> 1.0)
    ffi (1.12.2)
    foreman (0.87.0)
    hanami-router (1.3.2)
      hanami-utils (~> 1.3)
      http_router (= 0.11.2)
      rack (~> 2.0)
    hanami-utils (1.3.6)
      concurrent-ruby (~> 1.0)
      transproc (~> 1.0)
    hashery (2.1.2)
    http_router (0.11.2)
      rack (>= 1.0.0)
      url_mount (~> 0.2.1)
    ice_nine (0.11.2)
    listen (3.2.1)
      rb-fsevent (~> 0.10, >= 0.10.3)
      rb-inotify (~> 0.9, >= 0.9.10)
    memory_profiler (0.9.14)
    multipart-post (2.1.1)
    net-http-persistent (4.0.0)
      connection_pool (~> 2.2)
    nio4r (2.5.8)
    numerizer (0.1.1)
    oj (3.10.6)
    pdf-reader (2.4.0)
      Ascii85 (~> 1.0.0)
      afm (~> 0.2.1)
      hashery (~> 2.0)
      ruby-rc4
      ttfunk
    puma (4.3.9)
      nio4r (~> 2.0)
    rack (2.2.3)
    rack-protection (2.0.8.1)
      rack
    rack-ssl-enforcer (0.2.9)
    rb-fsevent (0.10.3)
    rb-inotify (0.10.1)
      ffi (~> 1.0)
    redis (4.1.3)
    rerun (0.13.0)
      listen (~> 3.0)
    ruby-rc4 (0.1.5)
    sequel (5.34.0)
    sidekiq (6.0.7)
      connection_pool (>= 2.2.2)
      rack (~> 2.0)
      rack-protection (>= 2.0.0)
      redis (>= 4.1.0)
    sidekiq-status (1.1.4)
      chronic_duration
      sidekiq (>= 3.0)
    terminal-notifier (2.0.0)
    transproc (1.1.1)
    ttfunk (1.6.2.1)
    url_mount (0.2.1)
      rack

PLATFORMS
  ruby

DEPENDENCIES
  bugsnag (~> 6.13)
  dotenv
  faraday
  faraday-detailed_logger
  faraday-request-timer
  faraday_middleware
  foreman
  hanami-router
  ice_nine
  memory_profiler
  net-http-persistent
  oj
  pdf-reader
  puma
  rack
  rack-ssl-enforcer
  redis
  rerun
  sequel
  sidekiq
  sidekiq-status
  terminal-notifier

RUBY VERSION
   ruby 2.7.1p83

BUNDLED WITH
   2.1.4
